PATH
  remote: /Users/bart/Projects/helios
  specs:
    helios (0.2.0)
      coffee-script (~> 2.2)
      commander (~> 4.1)
      compass (~> 0.12)
      foreman (~> 0.63)
      haml (>= 3.1)
      json (~> 1.7)
      rack-contrib (~> 1.1)
      rack-core-data (~> 0.3)
      rack-in-app-purchase (~> 0.1)
      rack-passbook (~> 0.1)
      rack-push-notification (~> 0.4)
      rails-database-url (~> 1.0)
      sinatra (~> 1.3)
      sinatra-assetpack (~> 0.1)
      sinatra-backbone (~> 0.1.0.rc2)
      sinatra-contrib (~> 1.3)
      sinatra-param (~> 0.1)
      sinatra-support (~> 1.2)
      zurb-foundation (~> 4.0)

GEM
  remote: https://rubygems.org/
  specs:
    activesupport (3.2.13)
      i18n (= 0.6.1)
      multi_json (~> 1.0)
    backports (3.3.0)
    chunky_png (1.2.8)
    coffee-script (2.2.0)
      coffee-script-source
      execjs
    coffee-script-source (1.6.2)
    commander (4.1.3)
      highline (~> 1.6.11)
    compass (0.12.2)
      chunky_png (~> 1.2)
      fssm (>= 0.2.7)
      sass (~> 3.1)
    dotenv (0.7.0)
    eventmachine (1.0.3)
    excon (0.17.0)
    execjs (1.4.0)
      multi_json (~> 1.0)
    faraday (0.8.6)
      multipart-post (~> 1.1)
    foreman (0.63.0)
      dotenv (>= 0.7)
      thor (>= 0.13.6)
    fssm (0.2.10)
    haml (4.0.2)
      tilt
    hashie (1.2.0)
    highline (1.6.18)
    houston (0.1.1)
      commander (~> 4.1.2)
      json (~> 1.7.3)
    httpauth (0.2.0)
    i18n (0.6.1)
    jsmin (1.0.1)
    json (1.7.7)
    jwt (0.1.8)
      multi_json (>= 1.5)
    kgio (2.8.0)
    multi_json (1.7.1)
    multipart-post (1.2.0)
    nokogiri (1.5.9)
    oauth2 (0.8.1)
      faraday (~> 0.8)
      httpauth (~> 0.1)
      jwt (~> 0.1.4)
      multi_json (~> 1.0)
      rack (~> 1.2)
    omniauth (1.1.3)
      hashie (~> 1.2)
      rack
    omniauth-github (1.1.0)
      omniauth (~> 1.0)
      omniauth-oauth2 (~> 1.1)
    omniauth-oauth2 (1.1.1)
      oauth2 (~> 0.8.0)
      omniauth (~> 1.0)
    pg (0.14.1)
    rack (1.5.2)
    rack-contrib (1.1.0)
      rack (>= 0.9.1)
    rack-core-data (0.3.1)
      activesupport (>= 3.0)
      nokogiri (~> 1.4)
      rack (~> 1.4)
      rack-contrib (~> 1.1)
      sequel (~> 3.37)
      sinatra (~> 1.3)
      sinatra-param (~> 0.1)
    rack-in-app-purchase (0.1.0)
      rack (~> 1.4)
      sequel (~> 3.37)
      sinatra (~> 1.3)
      venice
    rack-passbook (0.1.1)
      rack (~> 1.4)
      sequel (~> 3.37)
      sinatra (~> 1.3)
    rack-protection (1.5.0)
      rack
    rack-push-notification (0.4.0)
      houston (~> 0.1.1)
      rack (~> 1.4)
      rack-contrib (~> 1.1)
      sequel (~> 3.37)
      sinatra (~> 1.3)
      sinatra-param (~> 0.1)
    rack-test (0.6.2)
      rack (>= 1.0)
    rails-database-url (1.0.0)
    raindrops (0.10.0)
    sass (3.2.7)
    sequel (3.46.0)
    sinatra (1.4.2)
      rack (~> 1.5, >= 1.5.2)
      rack-protection (~> 1.4)
      tilt (~> 1.3, >= 1.3.4)
    sinatra-assetpack (0.1.7)
      jsmin
      rack-test
      sinatra
      tilt (>= 1.3.0)
    sinatra-backbone (0.1.1)
      sinatra
    sinatra-contrib (1.4.0)
      backports (>= 2.0)
      eventmachine
      rack-protection
      rack-test
      sinatra (~> 1.4.2)
      tilt (~> 1.3)
    sinatra-param (0.1.2)
      sinatra (~> 1.3)
    sinatra-support (1.2.2)
      sinatra (>= 1.0)
    terminal-table (1.4.5)
    thor (0.18.1)
    tilt (1.3.7)
    unicorn (4.6.2)
      kgio (~> 2.6)
      rack
      raindrops (~> 0.7)
    venice (0.0.1)
      commander (~> 4.1.2)
      excon (~> 0.17.0)
      json (~> 1.7.3)
      terminal-table (~> 1.4.5)
    zurb-foundation (4.1.2)
      sass (>= 3.2.0)

PLATFORMS
  ruby

DEPENDENCIES
  helios!
  omniauth-github
  pg
  unicorn
